PATH
  remote: vendor/gems/rees46_ml
  specs:
    rees46_ml (0.1.1)
      aasm (>= 4.0)
      activemodel
      nokogiri (>= 1.6)
      virtus (>= 1.0)

PATH
  remote: vendor/gems/size_tables
  specs:
    size_tables (0.1.0)

GEM
  remote: https://rubygems.org/
  specs:
    aasm (4.9.0)
    actionmailer (4.2.10)
      actionpack (= 4.2.10)
      actionview (= 4.2.10)
      activejob (= 4.2.10)
      mail (~> 2.5, >= 2.5.4)
      rails-dom-testing (~> 1.0, >= 1.0.5)
    actionpack (4.2.10)
      actionview (= 4.2.10)
      activesupport (= 4.2.10)
      rack (~> 1.6)
      rack-test (~> 0.6.2)
      rails-dom-testing (~> 1.0, >= 1.0.5)
      rails-html-sanitizer (~> 1.0, >= 1.0.2)
    actionview (4.2.10)
      activesupport (= 4.2.10)
      builder (~> 3.1)
      erubis (~> 2.7.0)
      rails-dom-testing (~> 1.0, >= 1.0.5)
      rails-html-sanitizer (~> 1.0, >= 1.0.3)
    activejob (4.2.10)
      activesupport (= 4.2.10)
      globalid (>= 0.3.0)
    activemodel (4.2.10)
      activesupport (= 4.2.10)
      builder (~> 3.1)
    activerecord (4.2.10)
      activemodel (= 4.2.10)
      activesupport (= 4.2.10)
      arel (~> 6.0)
    activesupport (4.2.10)
      i18n (~> 0.7)
      minitest (~> 5.1)
      thread_safe (~> 0.3, >= 0.3.4)
      tzinfo (~> 1.1)
    addressable (2.4.0)
    airbrussh (1.1.2)
      sshkit (>= 1.6.1, != 1.7.0)
    amq-protocol (2.2.0)
    arel (6.0.4)
    ast (2.3.0)
    axiom-types (0.1.1)
      descendants_tracker (~> 0.0.4)
      ice_nine (~> 0.11.0)
      thread_safe (~> 0.3, >= 0.3.1)
    base16 (0.0.2)
    bounce_email (0.2.6)
      mail
    brb (0.3.1)
      eventmachine (> 0.12)
    bson (3.2.7)
    builder (3.2.3)
    bunny (2.7.1)
      amq-protocol (>= 2.2.0)
    byebug (9.0.6)
    capistrano (3.7.2)
      airbrussh (>= 1.0.0)
      capistrano-harrow
      i18n
      rake (>= 10.0.0)
      sshkit (>= 1.9.0)
    capistrano-bundler (1.2.0)
      capistrano (~> 3.1)
      sshkit (~> 1.2)
    capistrano-harrow (0.5.3)
    capistrano-rails (1.2.2)
      capistrano (~> 3.1)
      capistrano-bundler (~> 1.1)
    capistrano-rvm (0.1.2)
      capistrano (~> 3.0)
      sshkit (~> 1.2)
    capistrano-sidekiq (0.5.4)
      capistrano
      sidekiq (>= 3.4)
    capistrano3-unicorn (0.2.1)
      capistrano (~> 3.1, >= 3.1.0)
    chronic (0.10.2)
    clickhouse-activerecord (0.1.6)
      bundler (~> 1.13, >= 1.13.4)
      rails (>= 4.1.8, < 5)
    climate_control (0.0.3)
      activesupport (>= 3.0)
    cocaine (0.5.8)
      climate_control (>= 0.0.3, < 1.0)
    coderay (1.1.1)
    coercible (1.0.0)
      descendants_tracker (~> 0.0.1)
    colorize (0.8.1)
    concurrent-ruby (1.0.5)
    connection_pool (2.2.1)
    crass (1.0.3)
    daemons (1.2.4)
    database_cleaner (1.3.0)
    descendants_tracker (0.0.4)
      thread_safe (~> 0.3, >= 0.3.1)
    diff-lcs (1.3)
    dotenv (0.8.0)
    dotenv-rails (0.8.0)
      dotenv (= 0.8.0)
    elasticsearch (5.0.4)
      elasticsearch-api (= 5.0.4)
      elasticsearch-transport (= 5.0.4)
    elasticsearch-api (5.0.4)
      multi_json
    elasticsearch-transport (5.0.4)
      faraday
      multi_json
    equalizer (0.0.11)
    erubis (2.7.0)
    eventmachine (1.0.9.1)
    factory_girl (4.5.0)
      activesupport (>= 3.0.0)
    factory_girl_rails (4.5.0)
      factory_girl (~> 4.5.0)
      railties (>= 3.0.0)
    faraday (0.12.0.1)
      multipart-post (>= 1.2, < 3)
    ffaker (1.25.0)
    figaro (1.1.1)
      thor (~> 0.14)
    foreman (0.63.0)
      dotenv (>= 0.7)
      thor (>= 0.13.6)
    globalid (0.4.1)
      activesupport (>= 4.2.0)
    god (0.13.7)
    grocer (0.7.0)
    hkdf (0.2.0)
    htmlentities (4.3.4)
    httparty (0.13.7)
      json (~> 1.8)
      multi_xml (>= 0.5.2)
    i18n (0.9.1)
      concurrent-ruby (~> 1.0)
    ice_nine (0.11.2)
    jbuilder (2.7.0)
      activesupport (>= 4.2.0)
      multi_json (>= 1.2)
    json (1.8.6)
    kgio (2.10.0)
    launchy (2.4.3)
      addressable (~> 2.3)
    letter_opener (1.2.0)
      launchy (~> 2.2)
    liquid (3.0.6)
    loofah (2.1.1)
      crass (~> 1.0.2)
      nokogiri (>= 1.5.9)
    mail (2.7.0)
      mini_mime (>= 0.1.1)
    method_source (0.8.2)
    mime-types (3.1)
      mime-types-data (~> 3.2015)
    mime-types-data (3.2016.0521)
    mimemagic (0.3.2)
    mini_mime (1.0.0)
    mini_portile2 (2.3.0)
    minitest (5.10.3)
    moped (2.0.7)
      bson (~> 3.0)
      connection_pool (~> 2.0)
      optionable (~> 0.2.0)
    msgpack (1.1.0)
    multi_json (1.12.2)
    multi_xml (0.5.5)
    multipart-post (2.0.0)
    net-scp (1.2.1)
      net-ssh (>= 2.6.5)
    net-sftp (2.1.2)
      net-ssh (>= 2.6.5)
    net-ssh (3.0.2)
    newrelic_moped (1.0.1)
      moped
      newrelic_rpm (~> 3.11)
    newrelic_rpm (3.18.1.330)
    nokogiri (1.8.1)
      mini_portile2 (~> 2.3.0)
    open_uri_redirections (0.2.1)
    optionable (0.2.0)
    paperclip (5.0.0)
      activemodel (>= 4.2.0)
      activesupport (>= 4.2.0)
      cocaine (~> 0.5.5)
      mime-types
      mimemagic (~> 0.3.0)
    parser (2.4.0.0)
      ast (~> 2.2)
    pg (0.18.4)
    postgres-copy (1.0.0)
      activerecord (>= 4.0)
      pg (>= 0.17)
      rails (>= 4.0)
      responders
    powerpack (0.1.1)
    pry (0.10.4)
      coderay (~> 1.1.0)
      method_source (~> 0.8.1)
      slop (~> 3.4)
    pry-byebug (3.4.2)
      byebug (~> 9.0)
      pry (~> 0.10)
    rack (1.6.8)
    rack-protection (1.5.3)
      rack
    rack-test (0.6.3)
      rack (>= 1.0)
    rack-utf8_sanitizer (1.2.4)
      rack (~> 1.0)
    rails (4.2.10)
      actionmailer (= 4.2.10)
      actionpack (= 4.2.10)
      actionview (= 4.2.10)
      activejob (= 4.2.10)
      activemodel (= 4.2.10)
      activerecord (= 4.2.10)
      activesupport (= 4.2.10)
      bundler (>= 1.3.0, < 2.0)
      railties (= 4.2.10)
      sprockets-rails
    rails-api (0.4.1)
      actionpack (>= 3.2.11)
      railties (>= 3.2.11)
    rails-deprecated_sanitizer (1.0.3)
      activesupport (>= 4.2.0.alpha)
    rails-dom-testing (1.0.8)
      activesupport (>= 4.2.0.beta, < 5.0)
      nokogiri (~> 1.6)
      rails-deprecated_sanitizer (>= 1.0.1)
    rails-html-sanitizer (1.0.3)
      loofah (~> 2.0)
    railties (4.2.10)
      actionpack (= 4.2.10)
      activesupport (= 4.2.10)
      rake (>= 0.8.7)
      thor (>= 0.18.1, < 2.0)
    rainbow (2.2.2)
      rake
    raindrops (0.16.0)
    rake (10.5.0)
    redis (3.3.5)
    redis-namespace (1.5.2)
      redis (~> 3.0, >= 3.0.4)
    redis-objects (1.2.1)
      redis (>= 3.0.2)
    request_store_rails (1.0.0)
      concurrent-ruby (~> 1.0)
    responders (2.1.1)
      railties (>= 4.2.0, < 5.1)
    rollbar (2.15.5)
      multi_json
    rspec (3.1.0)
      rspec-core (~> 3.1.0)
      rspec-expectations (~> 3.1.0)
      rspec-mocks (~> 3.1.0)
    rspec-core (3.1.7)
      rspec-support (~> 3.1.0)
    rspec-expectations (3.1.2)
      diff-lcs (>= 1.2.0, < 2.0)
      rspec-support (~> 3.1.0)
    rspec-mocks (3.1.3)
      rspec-support (~> 3.1.0)
    rspec-rails (3.1.0)
      actionpack (>= 3.0)
      activesupport (>= 3.0)
      railties (>= 3.0)
      rspec-core (~> 3.1.0)
      rspec-expectations (~> 3.1.0)
      rspec-mocks (~> 3.1.0)
      rspec-support (~> 3.1.0)
    rspec-sidekiq (2.2.0)
      rspec (~> 3.0, >= 3.0.0)
      sidekiq (>= 2.4.0)
    rspec-support (3.1.2)
    rubocop (0.48.1)
      parser (>= 2.3.3.1, < 3.0)
      powerpack (~> 0.1)
      rainbow (>= 1.99.1, < 3.0)
      ruby-progressbar (~> 1.7)
      unicode-display_width (~> 1.0, >= 1.0.1)
    ruby-progressbar (1.8.1)
    russian (0.6.0)
      i18n (>= 0.5.0)
    sidekiq (4.2.10)
      concurrent-ruby (~> 1.0)
      connection_pool (~> 2.2, >= 2.2.0)
      rack-protection (>= 1.5.0)
      redis (~> 3.2, >= 3.2.1)
    sidekiq-failures (0.4.5)
      sidekiq (>= 2.16.0)
    sidekiq-limit_fetch (3.3.0)
      sidekiq (>= 4)
    simplecov (0.7.1)
      multi_json (~> 1.0)
      simplecov-html (~> 0.7.1)
    simplecov-html (0.7.1)
    sinatra (1.4.8)
      rack (~> 1.5)
      rack-protection (~> 1.4)
      tilt (>= 1.3, < 3)
    slack-notifier (2.1.0)
    slavery (2.1.1)
      activerecord (>= 3.0.0)
    slim (3.0.6)
      temple (~> 0.7.3)
      tilt (>= 1.3.3, < 2.1)
    slim-rails (3.0.1)
      actionmailer (>= 3.1, < 5.0)
      actionpack (>= 3.1, < 5.0)
      activesupport (>= 3.1, < 5.0)
      railties (>= 3.1, < 5.0)
      slim (~> 3.0)
    slop (3.6.0)
    sprockets (3.7.1)
      concurrent-ruby (~> 1.0)
      rack (> 1, < 3)
    sprockets-rails (3.2.1)
      actionpack (>= 4.0)
      activesupport (>= 4.0)
      sprockets (>= 3.0.0)
    sshkit (1.11.5)
      net-scp (>= 1.1.2)
      net-ssh (>= 2.8.0)
    stackprof (0.2.8)
    subcontractor (0.8.0)
    tarantool16 (0.1.1)
      msgpack (>= 0.5.11)
    temple (0.7.6)
    thin (1.7.0)
      daemons (~> 1.0, >= 1.0.9)
      eventmachine (~> 1.0, >= 1.0.4)
      rack (>= 1, < 3)
    thor (0.20.0)
    thread_safe (0.3.6)
    tilt (2.0.7)
    timecop (0.7.4)
    tzinfo (1.2.4)
      thread_safe (~> 0.1)
    unicode-display_width (1.2.1)
    unicorn (4.9.0)
      kgio (~> 2.6)
      rack
      raindrops (~> 0.7)
    virtus (1.0.5)
      axiom-types (~> 0.1)
      coercible (~> 1.0)
      descendants_tracker (~> 0.0, >= 0.0.3)
      equalizer (~> 0.0, >= 0.0.9)
    webpush (0.2.3)
      hkdf (~> 0.2)
    whenever (0.9.4)
      chronic (>= 0.6.3)

PLATFORMS
  ruby

DEPENDENCIES
  addressable (~> 2.3, >= 2.3.8)
  base16 (~> 0.0.2)
  bounce_email (~> 0.2.6)
  brb (~> 0.3.1)
  bunny (>= 2.6.1)
  capistrano (= 3.7.2)
  capistrano-bundler
  capistrano-rails
  capistrano-rvm
  capistrano-sidekiq
  capistrano3-unicorn
  clickhouse-activerecord (~> 0.1.0)
  colorize
  connection_pool
  database_cleaner (~> 1.3.0)
  dotenv-rails (~> 0.8.0)
  elasticsearch
  factory_girl_rails (~> 4.5.0)
  ffaker (~> 1.25.0)
  figaro
  foreman (~> 0.63.0)
  god
  grocer
  htmlentities
  httparty
  jbuilder
  letter_opener (~> 1.2.0)
  liquid
  net-sftp
  newrelic_moped
  newrelic_rpm
  open_uri_redirections
  paperclip
  pg (~> 0.18.4)
  postgres-copy
  pry
  pry-byebug
  rack-utf8_sanitizer (~> 1.2.3)
  rails (= 4.2.10)
  rails-api (= 0.4.1)
  rake (< 11.0)
  redis-namespace
  redis-objects
  rees46_ml!
  request_store_rails
  rollbar
  rspec-rails (~> 3.1.0)
  rspec-sidekiq
  rubocop
  russian (~> 0.6.0)
  sidekiq (< 5)
  sidekiq-failures (= 0.4.5)
  sidekiq-limit_fetch
  simplecov (~> 0.7.1)
  sinatra
  size_tables!
  slack-notifier
  slavery
  slim-rails
  stackprof
  subcontractor (~> 0.8.0)
  tarantool16
  thin
  timecop (~> 0.7.1)
  unicorn (~> 4.9.0)
  webpush
  whenever (~> 0.9.2)

RUBY VERSION
   ruby 2.3.1p112

BUNDLED WITH
   1.16.0
