PATH
  remote: .
  specs:
    rees46_ml (0.1.1)
      aasm (>= 4.0)
      activemodel
      nokogiri (>= 1.6)
      virtus (>= 1.0)

GEM
  remote: https://rubygems.org/
  specs:
    aasm (4.9.0)
    activemodel (3.0.20)
      activesupport (= 3.0.20)
      builder (~> 2.1.2)
      i18n (~> 0.5.0)
    activesupport (3.0.20)
    ast (2.1.0)
    astrolabe (1.3.1)
      parser (~> 2.2)
    axiom-types (0.1.1)
      descendants_tracker (~> 0.0.4)
      ice_nine (~> 0.11.0)
      thread_safe (~> 0.3, >= 0.3.1)
    builder (2.1.2)
    coderay (1.1.0)
    coercible (1.0.0)
      descendants_tracker (~> 0.0.1)
    descendants_tracker (0.0.4)
      thread_safe (~> 0.3, >= 0.3.1)
    diff-lcs (1.2.5)
    equalizer (0.0.11)
    i18n (0.5.4)
    ice_nine (0.11.2)
    method_source (0.8.2)
    mini_portile2 (2.0.0)
    nokogiri (1.6.7.2)
      mini_portile2 (~> 2.0.0.rc2)
    parser (2.2.3.0)
      ast (>= 1.1, < 3.0)
    powerpack (0.1.1)
    pry (0.10.3)
      coderay (~> 1.1.0)
      method_source (~> 0.8.1)
      slop (~> 3.4)
    rainbow (2.0.0)
    rake (10.4.2)
    rspec (3.4.0)
      rspec-core (~> 3.4.0)
      rspec-expectations (~> 3.4.0)
      rspec-mocks (~> 3.4.0)
    rspec-core (3.4.1)
      rspec-support (~> 3.4.0)
    rspec-expectations (3.4.0)
      diff-lcs (>= 1.2.0, < 2.0)
      rspec-support (~> 3.4.0)
    rspec-mocks (3.4.0)
      diff-lcs (>= 1.2.0, < 2.0)
      rspec-support (~> 3.4.0)
    rspec-support (3.4.1)
    rubocop (0.31.0)
      astrolabe (~> 1.3)
      parser (>= 2.2.2.1, < 3.0)
      powerpack (~> 0.1)
      rainbow (>= 1.99.1, < 3.0)
      ruby-progressbar (~> 1.4)
    ruby-progressbar (1.7.5)
    slop (3.6.0)
    stackprof (0.2.7)
    thread_safe (0.3.5)
    virtus (1.0.5)
      axiom-types (~> 0.1)
      coercible (~> 1.0)
      descendants_tracker (~> 0.0, >= 0.0.3)
      equalizer (~> 0.0, >= 0.0.9)

PLATFORMS
  ruby

DEPENDENCIES
  builder (~> 2.0)
  bundler (>= 1.7)
  pry (>= 0.10.1)
  rake (>= 10.0)
  rees46_ml!
  rspec (>= 3.2)
  rubocop (~> 0.31.0)
  stackprof

BUNDLED WITH
   1.11.2
